PATH
  remote: .
  specs:
    scalaroid (0.0.1)
      json (~> 1.7)

GEM
  remote: http://rubygems.org/
  specs:
    coderay (1.1.0)
    json (1.8.1)
    method_source (0.8.2)
    minitest (5.3.5)
    pry (0.9.12.6)
      coderay (~> 1.0)
      method_source (~> 0.8)
      slop (~> 3.4)
    rake (10.3.2)
    slop (3.5.0)

PLATFORMS
  ruby

DEPENDENCIES
  bundler (~> 1.0)
  json
  minitest (~> 5.3)
  pry (= 0.9.12.6)
  rake (~> 10.0)
  scalaroid!
